GEM
  remote: http://rubygems.org/
  specs:
    activesupport (3.0.0)
    rspec (1.3.1)

PLATFORMS
  ruby

DEPENDENCIES
  activesupport (~> 3.0)
  rspec (~> 1)
